PATH
  remote: .
  specs:
    citi_bike_directions (0.0.4)
      addressable
      citibikenyc
      geocoder
      json
      polylines
      rest-client

GEM
  remote: https://rubygems.org/
  specs:
    addressable (2.3.5)
    citibikenyc (0.0.1)
      faraday (~> 0.8.7)
      faraday_middleware (~> 0.9.0)
      hashie (~> 2.0.5)
      multi_json (~> 1.7.7)
    diff-lcs (1.2.4)
    faraday (0.8.8)
      multipart-post (~> 1.2.0)
    faraday_middleware (0.9.0)
      faraday (>= 0.7.4, < 0.9)
    geocoder (1.1.8)
    hashie (2.0.5)
    json (1.8.0)
    mime-types (1.25)
    multi_json (1.7.9)
    multipart-post (1.2.0)
    polylines (0.1.1)
    rest-client (1.6.7)
      mime-types (>= 1.16)
    rspec (2.14.1)
      rspec-core (~> 2.14.0)
      rspec-expectations (~> 2.14.0)
      rspec-mocks (~> 2.14.0)
    rspec-core (2.14.5)
    rspec-expectations (2.14.2)
      diff-lcs (>= 1.1.3, < 2.0)
    rspec-mocks (2.14.3)

PLATFORMS
  ruby

DEPENDENCIES
  citi_bike_directions!
  rspec
